GIT
  remote: git://github.com/bkeepers/sunspot_mongo_mapper.git
  revision: b6cf3edca97a7a7d1e5b3517884f16bb7f06900a
  specs:
    sunspot_mongo_mapper (0.1.1)
      mongo_mapper
      rails (~> 3.2)
      sunspot (~> 2.0)
      sunspot_rails (~> 2.0)

GIT
  remote: https://github.com/stripe/stripe-ruby
  revision: 2dbc700fc35c9f6191e274febcd283223fce7d9a
  specs:
    stripe (1.8.3)
      multi_json (>= 1.0.4, < 2)
      rest-client (~> 1.4)

GEM
  remote: https://rubygems.org/
  specs:
    actionmailer (3.2.11)
      actionpack (= 3.2.11)
      mail (~> 2.4.4)
    actionpack (3.2.11)
      activemodel (= 3.2.11)
      activesupport (= 3.2.11)
      builder (~> 3.0.0)
      erubis (~> 2.7.0)
      journey (~> 1.0.4)
      rack (~> 1.4.0)
      rack-cache (~> 1.2)
      rack-test (~> 0.6.1)
      sprockets (~> 2.2.1)
    activemodel (3.2.11)
      activesupport (= 3.2.11)
      builder (~> 3.0.0)
    activerecord (3.2.11)
      activemodel (= 3.2.11)
      activesupport (= 3.2.11)
      arel (~> 3.0.2)
      tzinfo (~> 0.3.29)
    activeresource (3.2.11)
      activemodel (= 3.2.11)
      activesupport (= 3.2.11)
    activesupport (3.2.11)
      i18n (~> 0.6)
      multi_json (~> 1.0)
    arel (3.0.2)
    backbone-on-rails (0.9.10.0)
      eco
      ejs
      jquery-rails
      rails (>= 3.1)
    bcrypt-ruby (3.0.1)
    better_errors (0.8.0)
      coderay (>= 1.0.0)
      erubis (>= 2.6.6)
    bson (1.8.2)
    bson_ext (1.8.2)
      bson (~> 1.8.2)
    builder (3.0.4)
    coderay (1.0.9)
    coffee-rails (3.2.2)
      coffee-script (>= 2.2.0)
      railties (~> 3.2.0)
    coffee-script (2.2.0)
      coffee-script-source
      execjs
    coffee-script-source (1.4.0)
    colorize (0.5.8)
    columnize (0.3.6)
    coveralls (0.6.2)
      colorize
      multi_json (~> 1.3)
      rest-client
      simplecov (>= 0.7)
      thor
    daemons (1.1.9)
    debugger (1.6.0)
      columnize (>= 0.3.1)
      debugger-linecache (~> 1.2.0)
      debugger-ruby_core_source (~> 1.2.1)
    debugger-linecache (1.2.0)
    debugger-ruby_core_source (1.2.2)
    diff-lcs (1.1.3)
    eco (1.0.0)
      coffee-script
      eco-source
      execjs
    eco-source (1.1.0.rc.1)
    ejs (1.1.1)
    erubis (2.7.0)
    eventmachine (1.0.3)
    execjs (1.4.0)
      multi_json (~> 1.0)
    factory_girl (4.2.0)
      activesupport (>= 3.0.0)
    factory_girl_rails (4.2.1)
      factory_girl (~> 4.2.0)
      railties (>= 3.0.0)
    faraday (0.8.7)
      multipart-post (~> 1.1)
    figaro (0.6.4)
      bundler (~> 1.0)
      rails (>= 3, < 5)
    guard (1.6.2)
      listen (>= 0.6.0)
      lumberjack (>= 1.0.2)
      pry (>= 0.9.10)
      terminal-table (>= 1.4.3)
      thor (>= 0.14.6)
    guard-rspec (2.4.1)
      guard (>= 1.1)
      rspec (~> 2.11)
    haml (4.0.1)
      tilt
    hike (1.2.1)
    i18n (0.6.1)
    jasminerice (0.0.10)
      coffee-rails
      haml
    journey (1.0.4)
    jquery-rails (2.2.1)
      railties (>= 3.0, < 5.0)
      thor (>= 0.14, < 2.0)
    json (1.7.7)
    listen (0.7.3)
    lumberjack (1.0.2)
    macaddr (1.6.1)
      systemu (~> 2.5.0)
    mail (2.4.4)
      i18n (>= 0.4.0)
      mime-types (~> 1.16)
      treetop (~> 1.4.8)
    metaclass (0.0.1)
    method_source (0.8.1)
    mime-types (1.21)
    mocha (0.13.2)
      metaclass (~> 0.0.1)
    mongo (1.8.2)
      bson (~> 1.8.2)
    mongo_mapper (0.12.0)
      activemodel (~> 3.0)
      activesupport (~> 3.0)
      plucky (~> 0.5.2)
    multi_json (1.6.1)
    multipart-post (1.2.0)
    nokogiri (1.5.9)
    plucky (0.5.2)
      mongo (~> 1.5)
    polyglot (0.3.3)
    pr_geohash (1.0.0)
    pry (0.9.12)
      coderay (~> 1.0.5)
      method_source (~> 0.8)
      slop (~> 3.4)
    pusher (0.11.3)
      multi_json (~> 1.0)
      signature (~> 0.1.6)
    rack (1.4.5)
    rack-cache (1.2)
      rack (>= 0.4)
    rack-ssl (1.3.3)
      rack
    rack-test (0.6.2)
      rack (>= 1.0)
    rails (3.2.11)
      actionmailer (= 3.2.11)
      actionpack (= 3.2.11)
      activerecord (= 3.2.11)
      activeresource (= 3.2.11)
      activesupport (= 3.2.11)
      bundler (~> 1.0)
      railties (= 3.2.11)
    rails_12factor (0.0.2)
      rails_serve_static_assets
      rails_stdout_logging
    rails_serve_static_assets (0.0.1)
    rails_stdout_logging (0.0.3)
    railties (3.2.11)
      actionpack (= 3.2.11)
      activesupport (= 3.2.11)
      rack-ssl (~> 1.3.2)
      rake (>= 0.8.7)
      rdoc (~> 3.4)
      thor (>= 0.14.6, < 2.0)
    rake (10.0.3)
    rdoc (3.12.1)
      json (~> 1.4)
    rest-client (1.6.7)
      mime-types (>= 1.16)
    rsolr (1.0.9)
      builder (>= 2.1.2)
    rspec (2.12.0)
      rspec-core (~> 2.12.0)
      rspec-expectations (~> 2.12.0)
      rspec-mocks (~> 2.12.0)
    rspec-core (2.12.2)
    rspec-expectations (2.12.1)
      diff-lcs (~> 1.1.3)
    rspec-mocks (2.12.2)
    rspec-rails (2.12.2)
      actionpack (>= 3.0)
      activesupport (>= 3.0)
      railties (>= 3.0)
      rspec-core (~> 2.12.0)
      rspec-expectations (~> 2.12.0)
      rspec-mocks (~> 2.12.0)
    sass (3.2.5)
    sass-rails (3.2.6)
      railties (~> 3.2.0)
      sass (>= 3.1.10)
      tilt (~> 1.3)
    signature (0.1.7)
    simplecov (0.7.1)
      multi_json (~> 1.0)
      simplecov-html (~> 0.7.1)
    simplecov-html (0.7.1)
    slop (3.4.3)
    sprockets (2.2.2)
      hike (~> 1.2)
      multi_json (~> 1.0)
      rack (~> 1.0)
      tilt (~> 1.1, != 1.3.0)
    sunspot (2.0.0)
      pr_geohash (~> 1.0)
      rsolr (~> 1.0.7)
    sunspot-rails-tester (1.0.0)
      sunspot_rails (>= 1.2)
      sunspot_solr (>= 1.2)
    sunspot_rails (2.0.0)
      nokogiri
      sunspot (= 2.0.0)
    sunspot_solr (2.0.0)
    systemu (2.5.2)
    terminal-table (1.4.5)
    thin (1.5.1)
      daemons (>= 1.0.9)
      eventmachine (>= 0.12.6)
      rack (>= 1.0.0)
    thor (0.17.0)
    tilt (1.3.3)
    treetop (1.4.12)
      polyglot
      polyglot (>= 0.3.1)
    twitter-bootstrap-rails (2.2.0)
      actionpack (>= 3.1)
      execjs
      railties (>= 3.1)
    tzinfo (0.3.35)
    uglifier (1.3.0)
      execjs (>= 0.3.0)
      multi_json (~> 1.0, >= 1.0.2)
    uuid (2.3.7)
      macaddr (~> 1.0)

PLATFORMS
  ruby

DEPENDENCIES
  backbone-on-rails
  bcrypt-ruby
  better_errors
  bson_ext
  coffee-rails (~> 3.2.1)
  coveralls
  debugger
  factory_girl_rails
  faraday
  figaro
  guard-rspec
  jasminerice
  jquery-rails
  mocha
  mongo_mapper
  pusher
  rails (= 3.2.11)
  rails_12factor
  rspec
  rspec-rails
  sass-rails (~> 3.2.3)
  stripe!
  sunspot-rails-tester (~> 1.0.0)
  sunspot_mongo_mapper!
  sunspot_rails (~> 2.0)
  sunspot_solr
  thin
  twitter-bootstrap-rails
  uglifier (>= 1.0.3)
  uuid
